GEM
  remote: https://rubygems.org/
  specs:
    puma (2.14.0)

PLATFORMS
  ruby

DEPENDENCIES
  puma

BUNDLED WITH
   1.10.6
